GEM
  remote: https://rubygems.org/
  specs:
    activemodel (3.2.12)
      activesupport (= 3.2.12)
      builder (~> 3.0.0)
    activesupport (3.2.12)
      i18n (~> 0.6)
      multi_json (~> 1.0)
    builder (3.0.4)
    http_router (0.11.0)
      rack (>= 1.0.0)
      url_mount (~> 0.2.1)
    i18n (0.6.4)
    mail (2.5.3)
      i18n (>= 0.4.0)
      mime-types (~> 1.16)
      treetop (~> 1.4.8)
    mime-types (1.23)
    mongoid (3.0.23)
      activemodel (~> 3.1)
      moped (~> 1.2)
      origin (~> 1.0)
      tzinfo (~> 0.3.22)
    moped (1.4.5)
    multi_json (1.7.2)
    origin (1.0.11)
    padrino (0.11.0)
      padrino-admin (= 0.11.0)
      padrino-cache (= 0.11.0)
      padrino-core (= 0.11.0)
      padrino-gen (= 0.11.0)
      padrino-helpers (= 0.11.0)
      padrino-mailer (= 0.11.0)
    padrino-admin (0.11.0)
      padrino-core (= 0.11.0)
      padrino-helpers (= 0.11.0)
    padrino-cache (0.11.0)
      padrino-core (= 0.11.0)
      padrino-helpers (= 0.11.0)
    padrino-core (0.11.0)
      activesupport (>= 3.1.0)
      http_router (~> 0.11.0)
      rack-protection (>= 1.5.0)
      sinatra (~> 1.4.2)
      thor (~> 0.17.0)
      tilt (~> 1.3.0)
    padrino-gen (0.11.0)
      bundler (~> 1.0)
      padrino-core (= 0.11.0)
    padrino-helpers (0.11.0)
      i18n (~> 0.6)
      padrino-core (= 0.11.0)
    padrino-mailer (0.11.0)
      mail (~> 2.5.3)
      padrino-core (= 0.11.0)
    polyglot (0.3.3)
    rack (1.5.2)
    rack-protection (1.5.0)
      rack
    rake (10.0.4)
    sinatra (1.4.2)
      rack (~> 1.5, >= 1.5.2)
      rack-protection (~> 1.4)
      tilt (~> 1.3, >= 1.3.4)
    slim (1.3.8)
      temple (~> 0.6.3)
      tilt (~> 1.3.3)
    temple (0.6.4)
    thor (0.17.0)
    tilt (1.3.7)
    treetop (1.4.12)
      polyglot
      polyglot (>= 0.3.1)
    tzinfo (0.3.37)
    url_mount (0.2.1)
      rack

PLATFORMS
  ruby

DEPENDENCIES
  mongoid (~> 3.0.0)
  padrino (= 0.11.0)
  rake
  slim
